PATH
  remote: .
  specs:
    tl_capture (0.0.5)
      fluent-logger
      thor
      tweetstream
      twitter

GEM
  remote: https://rubygems.org/
  specs:
    addressable (2.5.2)
      public_suffix (>= 2.0.2, < 4.0)
    buftok (0.2.0)
    cookiejar (0.3.3)
    crack (0.4.3)
      safe_yaml (~> 1.0.0)
    daemons (1.2.5)
    diff-lcs (1.3)
    docile (1.1.5)
    domain_name (0.5.20170404)
      unf (>= 0.0.5, < 1.0.0)
    em-http-request (1.1.5)
      addressable (>= 2.3.4)
      cookiejar (!= 0.3.1)
      em-socksify (>= 0.3)
      eventmachine (>= 1.0.3)
      http_parser.rb (>= 0.6.0)
    em-socksify (0.3.1)
      eventmachine (>= 1.0.0.beta.4)
    em-twitter (0.3.5)
      buftok (~> 0.2)
      eventmachine (~> 1.0)
      http_parser.rb (~> 0.6)
      simple_oauth (~> 0.2)
    equalizer (0.0.10)
    eventmachine (1.2.5)
    faraday (0.9.2)
      multipart-post (>= 1.2, < 3)
    fluent-logger (0.7.1)
      msgpack (>= 1.0.0, < 2)
    hashdiff (0.3.7)
    http (1.0.4)
      addressable (~> 2.3)
      http-cookie (~> 1.0)
      http-form_data (~> 1.0.1)
      http_parser.rb (~> 0.6.0)
    http-cookie (1.0.3)
      domain_name (~> 0.5)
    http-form_data (1.0.3)
    http_parser.rb (0.6.0)
    json (1.8.6)
    memoizable (0.4.2)
      thread_safe (~> 0.3, >= 0.3.1)
    msgpack (1.1.0)
    multi_json (1.12.2)
    multipart-post (2.0.0)
    naught (1.1.0)
    public_suffix (3.0.1)
    rake (10.5.0)
    rspec (3.7.0)
      rspec-core (~> 3.7.0)
      rspec-expectations (~> 3.7.0)
      rspec-mocks (~> 3.7.0)
    rspec-core (3.7.0)
      rspec-support (~> 3.7.0)
    rspec-expectations (3.7.0)
      diff-lcs (>= 1.2.0, < 2.0)
      rspec-support (~> 3.7.0)
    rspec-mocks (3.7.0)
      diff-lcs (>= 1.2.0, < 2.0)
      rspec-support (~> 3.7.0)
    rspec-support (3.7.0)
    safe_yaml (1.0.4)
    simple_oauth (0.3.1)
    simplecov (0.10.0)
      docile (~> 1.1.0)
      json (~> 1.8)
      simplecov-html (~> 0.10.0)
    simplecov-html (0.10.2)
    thor (0.20.0)
    thread_safe (0.3.6)
    timecop (0.9.1)
    tweetstream (2.6.1)
      daemons (~> 1.1)
      em-http-request (>= 1.1.1)
      em-twitter (~> 0.3)
      multi_json (~> 1.3)
      twitter (~> 5.5)
    twitter (5.17.0)
      addressable (~> 2.3)
      buftok (~> 0.2.0)
      equalizer (= 0.0.10)
      faraday (~> 0.9.0)
      http (~> 1.0)
      http_parser.rb (~> 0.6.0)
      json (~> 1.8)
      memoizable (~> 0.4.0)
      naught (~> 1.0)
      simple_oauth (~> 0.3.0)
    unf (0.1.4)
      unf_ext
    unf_ext (0.0.7.4)
    vcr (3.0.3)
    webmock (1.22.6)
      addressable (>= 2.3.6)
      crack (>= 0.3.2)
      hashdiff
    yard (0.9.12)
    yard-rspec (0.1)
      yard

PLATFORMS
  ruby

DEPENDENCIES
  bundler (~> 1.11)
  rake (~> 10.0)
  rspec (~> 3.0)
  simplecov (~> 0.10.0)
  timecop
  tl_capture!
  vcr (~> 3.0.0)
  webmock (~> 1.22.6)
  yard (~> 0.8)
  yard-rspec (~> 0.1)

BUNDLED WITH
   1.16.0
